GEM
  remote: http://rubygems.org/
  specs:
    activesupport (3.1.3)
      multi_json (~> 1.0)
    addressable (2.2.7)
    amq-client (0.9.2)
      amq-protocol (>= 0.9.0)
      eventmachine
    amq-protocol (0.9.0)
    amqp (0.9.4)
      amq-client (~> 0.9.2)
      amq-protocol (>= 0.9.0)
      eventmachine
    awesome_print (1.0.2)
    bson (1.6.2)
    bson_ext (1.6.2)
      bson (~> 1.6.2)
    capistrano (2.11.2)
      highline
      net-scp (>= 1.0.0)
      net-sftp (>= 2.0.0)
      net-ssh (>= 2.0.14)
      net-ssh-gateway (>= 1.1.0)
    capistrano-ext (1.2.1)
      capistrano (>= 1.0.0)
    capistrano_rsync_with_remote_cache (2.4.0)
      capistrano (>= 2.1.0)
    daemons (1.1.8)
    em-websocket (0.3.6)
      addressable (>= 2.1.1)
      eventmachine (>= 0.12.9)
    eventmachine (0.12.10)
    haml (3.1.4)
    highline (1.6.11)
    i18n (0.6.0)
    json (1.6.6)
    mongo (1.6.2)
      bson (~> 1.6.2)
    multi_json (1.2.0)
    net-scp (1.0.4)
      net-ssh (>= 1.99.1)
    net-sftp (2.0.5)
      net-ssh (>= 2.0.9)
    net-ssh (2.3.0)
    net-ssh-gateway (1.1.0)
      net-ssh (>= 1.99.1)
    optiflag (0.7)
    r18n-core (0.4.14)
    rack (1.4.1)
    rack-protection (1.2.0)
      rack
    railsless-deploy (1.0.2)
    shotgun (0.9)
      rack (>= 1.0)
    sinatra (1.3.2)
      rack (~> 1.3, >= 1.3.6)
      rack-protection (~> 1.2)
      tilt (~> 1.3, >= 1.3.3)
    sinatra-r18n (0.4.14)
      r18n-core (= 0.4.14)
      sinatra (>= 1.3)
    thin (1.3.1)
      daemons (>= 1.0.9)
      eventmachine (>= 0.12.6)
      rack (>= 1.0.0)
    tilt (1.3.3)

PLATFORMS
  ruby

DEPENDENCIES
  activesupport (= 3.1.3)
  amqp
  awesome_print
  bson_ext
  capistrano
  capistrano-ext
  capistrano_rsync_with_remote_cache
  daemons
  em-websocket
  eventmachine
  haml
  i18n
  json
  mongo
  optiflag
  railsless-deploy
  shotgun
  sinatra
  sinatra-r18n
  thin
